GEM
  remote: https://rubygems.org/
  specs:
    backports (3.0.3)
    coderay (1.0.9)
    eventmachine (1.0.1)
    method_source (0.8.1)
    mime-types (1.21)
    pry (0.9.12)
      coderay (~> 1.0.5)
      method_source (~> 0.8)
      slop (~> 3.4)
    pry-nav (0.2.3)
      pry (~> 0.9.10)
    rack (1.5.2)
    rack-protection (1.4.0)
      rack
    rack-test (0.6.2)
      rack (>= 1.0)
    rake (10.0.3)
    redcarpet (2.2.2)
    rest-client (1.6.7)
      mime-types (>= 1.16)
    shotgun (0.9)
      rack (>= 1.0)
    sinatra (1.3.5)
      rack (~> 1.4)
      rack-protection (~> 1.3)
      tilt (~> 1.3, >= 1.3.3)
    sinatra-contrib (1.3.2)
      backports (>= 2.0)
      eventmachine
      rack-protection
      rack-test
      sinatra (~> 1.3.0)
      tilt (~> 1.3)
    slim (1.3.6)
      temple (~> 0.5.5)
      tilt (~> 1.3.3)
    slop (3.4.3)
    temple (0.5.5)
    tilt (1.3.4)

PLATFORMS
  ruby

DEPENDENCIES
  pry
  pry-nav
  rake
  redcarpet
  rest-client
  shotgun
  sinatra
  sinatra-contrib
  slim
